GEM
  remote: https://rubygems.org/
  specs:
    Go.rb (0.3.0)
    commonjs (0.2.7)
    configatron (4.5.0)
    configfile (0.2.0)
      json
    ffi (1.9.17)
    ffi (1.9.17-x64-mingw32)
    gitlab (3.7.0)
      httparty (~> 0.13.0)
      terminal-table
    httparty (0.13.7)
      json (~> 1.8)
      multi_xml (>= 0.5.2)
    json (1.8.6)
    less (2.6.0)
      commonjs (~> 0.2.7)
    libv8 (3.16.14.17)
    listen (3.1.5)
      rb-fsevent (~> 0.9, >= 0.9.4)
      rb-inotify (~> 0.9, >= 0.9.7)
      ruby_dep (~> 1.2)
    multi_xml (0.6.0)
    rack (1.6.5)
    rack-protection (1.5.3)
      rack
    rb-fsevent (0.9.8)
    rb-inotify (0.9.8)
      ffi (>= 0.5.0)
    ref (2.0.0)
    rerun (0.11.0)
      listen (~> 3.0)
    ruby_dep (1.5.0)
    scon (0.2.1)
    sinatra (1.4.8)
      rack (~> 1.5)
      rack-protection (~> 1.4)
      tilt (>= 1.3, < 3)
    slack-notifier (2.0.0)
    terminal-table (1.7.3)
      unicode-display_width (~> 1.1.1)
    therubyracer (0.12.3)
      libv8 (~> 3.16.14.15)
      ref
    tilt (2.0.6)
    unicode-display_width (1.1.3)
    waitress-core (0.5.0)
      Go.rb (>= 0.3.0)
      configfile
      json
      less
      scon
      therubyracer

PLATFORMS
  ruby
  x64-mingw32

DEPENDENCIES
  configatron
  gitlab
  rerun
  sinatra
  slack-notifier
  waitress-core

BUNDLED WITH
   1.14.3
